GEM
  remote: https://rubygems.org/
  specs:
    kgio (2.9.2)
    minitest (5.4.3)
    pg (0.18.0)
    rack (1.6.0)
    raindrops (0.10.0)
    roda (2.2.0)
      rack
    sequel (4.22.0)
    tilt (2.0.1)
    unicorn (4.8.0)
      kgio (~> 2.6)
      rack
      raindrops (~> 0.7)

PLATFORMS
  ruby

DEPENDENCIES
  minitest
  pg
  roda (>= 1.2.0)
  sequel
  tilt
  unicorn
