GEM
  remote: https://rubygems.org/
  specs:
    i18n (0.7.0)
    kgio (2.10.0)
    minitest (5.8.3)
    pg (0.18.4)
    rack (1.6.2)
    raindrops (0.15.0)
    roda (2.10.0)
      rack
    sequel (4.31.0)
    tilt (2.0.1)
    unicorn (5.0.1)
      kgio (~> 2.6)
      rack
      raindrops (~> 0.7)

PLATFORMS
  ruby

DEPENDENCIES
  i18n
  minitest
  pg
  roda (>= 1.2.0)
  sequel
  tilt
  unicorn

BUNDLED WITH
   1.11.2
