GEM
  remote: https://rubygems.org/
  specs:
    diff-lcs (1.2.4)
    kgio (2.9.2)
    pg (0.18.0)
    rack (1.6.0)
    raindrops (0.10.0)
    roda (2.1.0)
      rack
    rspec (3.1.0)
      rspec-core (~> 3.1.0)
      rspec-expectations (~> 3.1.0)
      rspec-mocks (~> 3.1.0)
    rspec-core (3.1.7)
      rspec-support (~> 3.1.0)
    rspec-expectations (3.1.2)
      diff-lcs (>= 1.2.0, < 2.0)
      rspec-support (~> 3.1.0)
    rspec-mocks (3.1.3)
      rspec-support (~> 3.1.0)
    rspec-support (3.1.2)
    sequel (4.20.0)
    tilt (2.0.1)
    unicorn (4.8.0)
      kgio (~> 2.6)
      rack
      raindrops (~> 0.7)

PLATFORMS
  ruby

DEPENDENCIES
  pg
  roda (>= 1.2.0)
  rspec (>= 1.3)
  sequel
  tilt
  unicorn
